GEM
  remote: http://rubygems.org/
  specs:
    mime-types (1.19)
    nokogiri (1.5.5)
    rake (0.9.2.2)
    rest-client (1.6.7)
      mime-types (>= 1.16)
    yajl-ruby (1.1.0)

PLATFORMS
  ruby

DEPENDENCIES
  nokogiri
  rake
  rest-client
  yajl-ruby
