GEM
  remote: http://rubygems.org/
  specs:
    daemons (1.1.9)
    dalli (2.5.0)
    eventmachine (1.0.0)
    foreman (0.60.2)
      thor (>= 0.13.6)
    mime-types (1.19)
    nokogiri (1.5.6)
    rack (1.4.1)
    rack-protection (1.3.2)
      rack
    rake (10.0.3)
    rest-client (1.6.7)
      mime-types (>= 1.16)
    sinatra (1.3.3)
      rack (~> 1.3, >= 1.3.6)
      rack-protection (~> 1.2)
      tilt (~> 1.3, >= 1.3.3)
    thin (1.5.0)
      daemons (>= 1.0.9)
      eventmachine (>= 0.12.6)
      rack (>= 1.0.0)
    thor (0.16.0)
    tilt (1.3.3)
    yajl-ruby (1.1.0)

PLATFORMS
  ruby

DEPENDENCIES
  dalli
  foreman
  nokogiri
  rake
  rest-client
  sinatra
  thin
  yajl-ruby
